PATH
  remote: .
  specs:
    resque-population-control (0.1.0)

GEM
  remote: https://rubygems.org/
  specs:
    rake (10.5.0)

PLATFORMS
  ruby

DEPENDENCIES
  bundler (~> 1.12)
  rake (~> 10.0)
  resque-population-control!

BUNDLED WITH
   1.12.5
